GEM
  remote: https://rubygems.org/
  specs:
    benchmark (0.2.0)
    creek (2.5.3)
      nokogiri (>= 1.10.0)
      rubyzip (>= 1.0.0)
    nokogiri (1.12.5-x86_64-linux)
      racc (~> 1.4)
    racc (1.6.0)
    rubyzip (2.3.2)
    simple_xlsx_reader (1.0.4)
      nokogiri
      rubyzip

PLATFORMS
  x86_64-linux

DEPENDENCIES
  benchmark
  creek
  simple_xlsx_reader

BUNDLED WITH
   2.2.32
